PATH
  remote: .
  specs:
    bricolage (5.20.0)
      aws-sdk (~> 2)
      mysql2
      pg (~> 0.18.0)
      redis (>= 3.0.0)
      td

GEM
  remote: https://rubygems.org/
  specs:
    aws-sdk (2.6.36)
      aws-sdk-resources (= 2.6.36)
    aws-sdk-core (2.6.36)
      aws-sigv4 (~> 1.0)
      jmespath (~> 1.0)
    aws-sdk-resources (2.6.36)
      aws-sdk-core (= 2.6.36)
    aws-sigv4 (1.0.0)
    coderay (1.1.1)
    fluent-logger (0.6.1)
      msgpack (>= 0.5.6, < 2)
    hirb (0.7.3)
    httpclient (2.8.3)
    jmespath (1.3.1)
    json (2.0.2)
    metaclass (0.0.4)
    method_source (0.8.2)
    mocha (1.2.1)
      metaclass (~> 0.0.1)
    msgpack (1.0.2)
    mysql2 (0.4.5)
    parallel (1.8.0)
    pg (0.18.4)
    power_assert (0.4.1)
    pry (0.10.4)
      coderay (~> 1.1.0)
      method_source (~> 0.8.1)
      slop (~> 3.4)
    rake (12.0.0)
    redis (3.3.2)
    ruby-progressbar (1.8.1)
    rubyzip (1.1.7)
    slop (3.6.0)
    td (0.15.2)
      hirb (>= 0.4.5)
      msgpack
      parallel (~> 1.8.0)
      ruby-progressbar (~> 1.7)
      rubyzip (~> 1.1.7)
      td-client (~> 0.8.85)
      td-logger (>= 0.3.21, < 2)
      yajl-ruby (~> 1.1)
      zip-zip (~> 0.3)
    td-client (0.8.85)
      httpclient (>= 2.7)
      json (>= 1.7.6)
      msgpack (>= 0.5.6, < 2)
    td-logger (0.3.26)
      fluent-logger (>= 0.5.0, < 2.0)
      msgpack (>= 0.5.6, < 2.0)
      td-client (~> 0.8.66)
    test-unit (3.2.3)
      power_assert
    yajl-ruby (1.3.0)
    zip-zip (0.3)
      rubyzip (>= 1.0.0)

PLATFORMS
  ruby

DEPENDENCIES
  bricolage!
  mocha
  pry
  rake
  test-unit

BUNDLED WITH
   1.13.6
