PATH
  remote: .
  specs:
    bricolage (5.15.2)
      aws-sdk (~> 2)
      mysql2
      pg
      redis (>= 3.0.0)
      td

GEM
  remote: https://rubygems.org/
  specs:
    aws-sdk (2.2.26)
      aws-sdk-resources (= 2.2.26)
    aws-sdk-core (2.2.26)
      jmespath (~> 1.0)
    aws-sdk-resources (2.2.26)
      aws-sdk-core (= 2.2.26)
    coderay (1.1.0)
    fluent-logger (0.5.1)
      msgpack (>= 0.4.4, < 0.6.0, != 0.5.3, != 0.5.2, != 0.5.1, != 0.5.0)
    hirb (0.7.3)
    httpclient (2.7.1)
    jmespath (1.1.3)
    json (1.8.3)
    method_source (0.8.2)
    msgpack (0.5.12)
    mysql2 (0.4.3)
    parallel (0.6.5)
    pg (0.18.4)
    power_assert (0.2.6)
    pry (0.10.3)
      coderay (~> 1.1.0)
      method_source (~> 0.8.1)
      slop (~> 3.4)
    rake (10.5.0)
    redis (3.2.2)
    ruby-progressbar (1.7.5)
    rubyzip (1.1.7)
    slop (3.6.0)
    td (0.13.2)
      hirb (>= 0.4.5)
      msgpack (>= 0.4.4, < 0.8.0, != 0.5.3, != 0.5.2, != 0.5.1, != 0.5.0)
      parallel (~> 0.6.1)
      ruby-progressbar (~> 1.7.5)
      rubyzip (~> 1.1.7)
      td-client (~> 0.8.78)
      td-logger (~> 0.3.21)
      yajl-ruby (~> 1.1)
      zip-zip (~> 0.3)
    td-client (0.8.78)
      httpclient (~> 2.7)
      json (>= 1.7.6)
      msgpack (>= 0.4.4, < 0.8.0, != 0.5.3, != 0.5.2, != 0.5.1, != 0.5.0)
    td-logger (0.3.25)
      fluent-logger (~> 0.5.0)
      msgpack (>= 0.4.4, < 0.8.0, != 0.5.3, != 0.5.2, != 0.5.1, != 0.5.0)
      td-client (~> 0.8.66)
    test-unit (3.1.5)
      power_assert
    yajl-ruby (1.2.1)
    zip-zip (0.3)
      rubyzip (>= 1.0.0)

PLATFORMS
  ruby

DEPENDENCIES
  bricolage!
  pry
  rake
  test-unit

BUNDLED WITH
   1.11.2
